GEM
  remote: https://rubygems.org/
  specs:
    posix-spawn (0.3.8)
    scmd (2.3.1)
      posix-spawn (= 0.3.8)

PLATFORMS
  ruby

DEPENDENCIES
  scmd
