GEM
  remote: https://rubygems.org/
  specs:
    ansi (1.5.0)
    assert (2.14.0)
      ansi (~> 1.3)

PLATFORMS
  ruby

DEPENDENCIES
  assert (= 2.14.0)
